GEM
  remote: https://rubygems.org/
  specs:
    domain_name (0.5.20190701)
      unf (>= 0.0.5, < 1.0.0)
    faraday (1.4.2)
      faraday-em_http (~> 1.0)
      faraday-em_synchrony (~> 1.0)
      faraday-excon (~> 1.1)
      faraday-net_http (~> 1.0)
      faraday-net_http_persistent (~> 1.1)
      multipart-post (>= 1.2, < 3)
      ruby2_keywords (>= 0.0.4)
    faraday-em_http (1.0.0)
    faraday-em_synchrony (1.0.0)
    faraday-excon (1.1.0)
    faraday-net_http (1.0.1)
    faraday-net_http_persistent (1.1.0)
    hashie (4.1.0)
    http-accept (1.7.0)
    http-cookie (1.0.3)
      domain_name (~> 0.5)
    inflection (1.0.0)
    mime-types (3.3.1)
      mime-types-data (~> 3.2015)
    mime-types-data (3.2021.0225)
    mini_mime (1.1.0)
    multipart-post (2.1.1)
    netrc (0.11.0)
    rest-client (2.1.0)
      http-accept (>= 1.7.0, < 2.0)
      http-cookie (>= 1.0.2, < 2.0)
      mime-types (>= 1.16, < 4.0)
      netrc (~> 0.8)
    ruby2_keywords (0.0.4)
    unf (0.1.4)
      unf_ext
    unf_ext (0.0.7.6)
    zendesk_api (1.30.0)
      faraday (>= 0.9.0, < 2.0.0)
      hashie (>= 3.5.2, < 5.0.0)
      inflection
      mini_mime
      multipart-post (~> 2.0)

PLATFORMS
  ruby

DEPENDENCIES
  rest-client
  zendesk_api

BUNDLED WITH
   1.17.2
